GEM
  remote: https://rubygems.org/
  specs:
    childprocess (0.9.0)
      ffi (~> 1.0, >= 1.0.11)
    debase (0.2.2)
      debase-ruby_core_source (>= 0.10.2)
    debase-ruby_core_source (0.10.3)
    diff-lcs (1.3)
    ffi (1.9.25-x64-mingw32)
    ffi (1.9.25-x86-mingw32)
    rake (12.3.1)
    rspec (3.7.0)
      rspec-core (~> 3.7.0)
      rspec-expectations (~> 3.7.0)
      rspec-mocks (~> 3.7.0)
    rspec-core (3.7.1)
      rspec-support (~> 3.7.0)
    rspec-expectations (3.7.0)
      diff-lcs (>= 1.2.0, < 2.0)
      rspec-support (~> 3.7.0)
    rspec-mocks (3.7.0)
      diff-lcs (>= 1.2.0, < 2.0)
      rspec-support (~> 3.7.0)
    rspec-support (3.7.1)
    ruby-debug-ide (0.6.1)
      rake (>= 0.8.1)
    rubyzip (1.2.1)
    selenium-webdriver (3.12.0)
      childprocess (~> 0.5)
      rubyzip (~> 1.2)

PLATFORMS
  x64-mingw32
  x86-mingw32

DEPENDENCIES
  debase
  rake
  rspec
  ruby-debug-ide
  selenium-webdriver

BUNDLED WITH
   1.16.1
